GEM
  remote: https://rubygems.org/
  specs:
    joybox (0.0.7)
      rake
    rake (10.0.4)

PLATFORMS
  ruby

DEPENDENCIES
  joybox
  rake
