GEM
  remote: https://rubygems.org/
  specs:
    joybox (0.0.5)
      rake
    rake (10.0.4)

PLATFORMS
  ruby

DEPENDENCIES
  joybox (= 0.0.5)
  rake
